RESTRICTION: == netstandard2.1
NUGET
  remote: https://api.nuget.org/v3/index.json
    Fable.Browser.Blob (1.1)
      Fable.Core (>= 3.0)
      FSharp.Core (>= 4.6.2)
    Fable.Browser.Dom (1.2)
      Fable.Browser.Blob (>= 1.1)
      Fable.Browser.Event (>= 1.0)
      Fable.Browser.WebStorage (>= 1.0)
      Fable.Core (>= 3.0)
      FSharp.Core (>= 4.7)
    Fable.Browser.Event (1.0)
      Fable.Core (>= 3.0)
      FSharp.Core (>= 4.5.2)
    Fable.Browser.WebStorage (1.0)
      Fable.Browser.Event (>= 1.0)
      Fable.Core (>= 3.0)
      FSharp.Core (>= 4.5.2)
    Fable.Core (3.1.5)
      FSharp.Core (>= 4.7)
    Fable.React (6.2)
      Fable.Browser.Dom (>= 1.0)
      Fable.Core (>= 3.1.5)
      FSharp.Core (>= 4.7)
    Feliz (1.5)
      Fable.Core (>= 3.1.5)
      Fable.React (>= 6.0)
      FSharp.Core (>= 4.7)
    Feliz.Bulma (2.3)
      Feliz (>= 0.68.2)
      FSharp.Core (>= 4.7)
    Feliz.Bulma.ViewEngine (0.3)
      Feliz.ViewEngine (>= 0.18)
      FSharp.Core (>= 4.7)
    Feliz.ViewEngine (0.22)
      FSharp.Core (>= 4.7)
    Felizia (0.2)
      Feliz.ViewEngine (>= 0.22)
      Thoth.Json.Net (>= 4.1)
    FSharp.Core (4.7)
    Newtonsoft.Json (12.0.3)
    Thoth.Json.Net (4.1)
      Fable.Core (>= 3.0 < 4.0)
      FSharp.Core (>= 4.6.2)
      Newtonsoft.Json (>= 11.0.2)
